GEM
  remote: https://rubygems.org/
  specs:
    rack (2.2.3)
    roda (3.46.0)
      rack

PLATFORMS
  x86_64-darwin-19

DEPENDENCIES
  roda

BUNDLED WITH
   2.2.13
